GIT
  remote: git://github.com/thedarkone/rails-dev-boost.git
  revision: 216de40f33fe794e19c492c283d69d4911cab741
  specs:
    rails-dev-boost (0.1.1)

GIT
  remote: https://github.com/thinkreals/meta_search.git
  revision: 65b1c451b46ba57ea4a44828708c2301503d5ba4
  specs:
    meta_search (1.1.1)
      actionpack (~> 3.1.0)
      activerecord (~> 3.1.0)
      activesupport (~> 3.1.0)
      polyamorous (~> 0.5.0)

GEM
  remote: http://rubygems.org/
  specs:
    actionmailer (3.1.0)
      actionpack (= 3.1.0)
      mail (~> 2.3.0)
    actionpack (3.1.0)
      activemodel (= 3.1.0)
      activesupport (= 3.1.0)
      builder (~> 3.0.0)
      erubis (~> 2.7.0)
      i18n (~> 0.6)
      rack (~> 1.3.2)
      rack-cache (~> 1.0.3)
      rack-mount (~> 0.8.2)
      rack-test (~> 0.6.1)
      sprockets (~> 2.0.0)
    activemodel (3.1.0)
      activesupport (= 3.1.0)
      bcrypt-ruby (~> 3.0.0)
      builder (~> 3.0.0)
      i18n (~> 0.6)
    activerecord (3.1.0)
      activemodel (= 3.1.0)
      activesupport (= 3.1.0)
      arel (~> 2.2.1)
      tzinfo (~> 0.3.29)
    activeresource (3.1.0)
      activemodel (= 3.1.0)
      activesupport (= 3.1.0)
    activesupport (3.1.0)
      multi_json (~> 1.0)
    ansi (1.3.0)
    archive-tar-minitar (0.5.2)
    arel (2.2.1)
    bcrypt-ruby (3.0.1)
    builder (3.0.0)
    cancan (1.6.5)
    capistrano (2.9.0)
      highline
      net-scp (>= 1.0.0)
      net-sftp (>= 2.0.0)
      net-ssh (>= 2.0.14)
      net-ssh-gateway (>= 1.1.0)
    coffee-rails (3.1.1)
      coffee-script (>= 2.2.0)
      railties (~> 3.1.0)
    coffee-script (2.2.0)
      coffee-script-source
      execjs
    coffee-script-source (1.1.2)
    columnize (0.3.4)
    devise (1.4.7)
      bcrypt-ruby (~> 3.0)
      orm_adapter (~> 0.0.3)
      warden (~> 1.0.3)
    erubis (2.7.0)
    execjs (1.2.9)
      multi_json (~> 1.0)
    formtastic (1.2.4)
      actionpack (>= 2.3.7)
      activesupport (>= 2.3.7)
      i18n (~> 0.4)
    highline (1.6.2)
    hike (1.2.1)
    i18n (0.6.0)
    jquery-rails (1.0.14)
      railties (~> 3.0)
      thor (~> 0.14)
    kaminari (0.12.4)
      rails (>= 3.0.0)
    kgio (2.6.0)
    linecache19 (0.5.12)
      ruby_core_source (>= 0.1.4)
    mail (2.3.0)
      i18n (>= 0.4.0)
      mime-types (~> 1.16)
      treetop (~> 1.4.8)
    memcache-client (1.8.5)
    mime-types (1.16)
    multi_json (1.0.3)
    mysql2 (0.3.7)
    net-scp (1.0.4)
      net-ssh (>= 1.99.1)
    net-sftp (2.0.5)
      net-ssh (>= 2.0.9)
    net-ssh (2.2.1)
    net-ssh-gateway (1.1.0)
      net-ssh (>= 1.99.1)
    orm_adapter (0.0.5)
    polyamorous (0.5.0)
      activerecord (~> 3.0)
    polyglot (0.3.2)
    rack (1.3.4)
    rack-cache (1.0.3)
      rack (>= 0.4)
    rack-mount (0.8.3)
      rack (>= 1.0.0)
    rack-protection (1.1.2)
      rack
    rack-ssl (1.3.2)
      rack
    rack-test (0.6.1)
      rack (>= 1.0)
    rails (3.1.0)
      actionmailer (= 3.1.0)
      actionpack (= 3.1.0)
      activerecord (= 3.1.0)
      activeresource (= 3.1.0)
      activesupport (= 3.1.0)
      bundler (~> 1.0)
      railties (= 3.1.0)
    railties (3.1.0)
      actionpack (= 3.1.0)
      activesupport (= 3.1.0)
      rack-ssl (~> 1.3.2)
      rake (>= 0.8.7)
      rdoc (~> 3.4)
      thor (~> 0.14.6)
    raindrops (0.7.0)
    rake (0.9.2)
    rdoc (3.9.4)
    redis (2.2.2)
    redis-namespace (1.0.3)
      redis (< 3.0.0)
    resque (1.19.0)
      multi_json (~> 1.0)
      redis-namespace (~> 1.0.2)
      sinatra (>= 0.9.2)
      vegas (~> 0.1.2)
    ruby-debug-base19 (0.11.25)
      columnize (>= 0.3.1)
      linecache19 (>= 0.5.11)
      ruby_core_source (>= 0.1.4)
    ruby-debug19 (0.11.6)
      columnize (>= 0.3.1)
      linecache19 (>= 0.5.11)
      ruby-debug-base19 (>= 0.11.19)
    ruby_core_source (0.1.5)
      archive-tar-minitar (>= 0.5.2)
    sass (3.1.8)
    sass-rails (3.1.4)
      actionpack (~> 3.1.0)
      railties (~> 3.1.0)
      sass (>= 3.1.4)
      sprockets (~> 2.0.0)
      tilt (~> 1.3.2)
    sinatra (1.3.0)
      rack (~> 1.3)
      rack-protection (~> 1.1)
      tilt (~> 1.3)
    sprockets (2.0.2)
      hike (~> 1.2)
      rack (~> 1.0)
      tilt (~> 1.1, != 1.3.0)
    thor (0.14.6)
    tilt (1.3.3)
    treetop (1.4.10)
      polyglot
      polyglot (>= 0.3.1)
    turn (0.8.2)
      ansi (>= 1.2.2)
    tzinfo (0.3.30)
    uglifier (1.0.3)
      execjs (>= 0.3.0)
      multi_json (>= 1.0.2)
    unicorn (4.1.1)
      kgio (~> 2.4)
      rack
      raindrops (~> 0.6)
    vegas (0.1.8)
      rack (>= 1.0.0)
    warden (1.0.5)
      rack (>= 1.0)
    web-app-theme (0.8.0)
      rails (~> 3.1.0.rc6)
      thor (~> 0.14)

PLATFORMS
  ruby

DEPENDENCIES
  cancan
  capistrano
  coffee-rails (~> 3.1.0)
  devise
  formtastic
  jquery-rails
  kaminari
  memcache-client
  meta_search!
  mysql2
  rails (= 3.1.0)
  rails-dev-boost!
  resque
  ruby-debug19
  sass-rails (~> 3.1.0)
  turn
  uglifier
  unicorn
  web-app-theme (~> 0.8.0)
